GEM
  remote: http://rubygems.org/
  specs:
    minitest (5.14.3)
    mustermann (2.0.2)
      ruby2_keywords (~> 0.0.1)
    nio4r (2.5.4)
    puma (5.1.1)
      nio4r (~> 2.0)
    rack (2.2.4)
    rack-protection (2.2.3)
      rack
    rake (13.0.3)
    ruby2_keywords (0.0.5)
    sinatra (2.2.3)
      mustermann (~> 2.0)
      rack (~> 2.2)
      rack-protection (= 2.2.3)
      tilt (~> 2.0)
    string-utility (3.0.1)
    tilt (2.0.11)

PLATFORMS
  ruby

DEPENDENCIES
  minitest (~> 5.14)
  puma (~> 5.1)
  rake (~> 13.0)
  sinatra (~> 2.2)
  string-utility (~> 3.0)

RUBY VERSION
   ruby 3.0.0p0

BUNDLED WITH
   2.2.3
